PATH
  remote: .
  specs:
    popito (0.0.10.alpha)
      deep_merge (~> 1.2)
      erb (~> 2.2)
      json (~> 2.5)
      minitar (~> 0.9)
      rest-client (~> 2.1)
      yaml (~> 0.1)

GEM
  remote: https://rubygems.org/
  specs:
    cgi (0.4.1)
    deep_merge (1.2.2)
    domain_name (0.6.20240107)
    erb (2.2.3)
      cgi
    http-accept (1.7.0)
    http-cookie (1.0.5)
      domain_name (~> 0.5)
    json (2.7.1)
    mime-types (3.5.2)
      mime-types-data (~> 3.2015)
    mime-types-data (3.2024.0305)
    minitar (0.9)
    netrc (0.11.0)
    rake (13.0.3)
    rest-client (2.1.0)
      http-accept (>= 1.7.0, < 2.0)
      http-cookie (>= 1.0.2, < 2.0)
      mime-types (>= 1.16, < 4.0)
      netrc (~> 0.8)
    yaml (0.3.0)

PLATFORMS
  ruby
  x86_64-darwin-20

DEPENDENCIES
  popito!
  rake (~> 13.0)

BUNDLED WITH
   2.3.17
